PATH
  remote: .
  specs:
    budgea_client (1.3.3)
      json (~> 2.1, >= 2.1.0)
      typhoeus (~> 1.0, >= 1.0.1)

GEM
  remote: https://rubygems.org/
  specs:
    ZenTest (4.11.1)
    addressable (2.5.2)
      public_suffix (>= 2.0.2, < 4.0)
    ast (2.4.0)
    autotest (4.4.6)
      ZenTest (>= 4.4.1)
    autotest-fsevent (0.2.13)
      sys-uname
    autotest-growl (0.2.16)
    autotest-rails-pure (4.1.2)
    crack (0.4.3)
      safe_yaml (~> 1.0.0)
    diff-lcs (1.3)
    ethon (0.11.0)
      ffi (>= 1.3.0)
    ffi (1.9.25)
    hashdiff (0.3.7)
    jaro_winkler (1.5.1)
    json (2.1.0)
    parallel (1.12.1)
    parser (2.5.1.2)
      ast (~> 2.4.0)
    powerpack (0.1.2)
    public_suffix (3.0.3)
    rainbow (3.0.0)
    rake (12.0.0)
    rspec (3.8.0)
      rspec-core (~> 3.8.0)
      rspec-expectations (~> 3.8.0)
      rspec-mocks (~> 3.8.0)
    rspec-core (3.8.0)
      rspec-support (~> 3.8.0)
    rspec-expectations (3.8.1)
      diff-lcs (>= 1.2.0, < 2.0)
      rspec-support (~> 3.8.0)
    rspec-mocks (3.8.0)
      diff-lcs (>= 1.2.0, < 2.0)
      rspec-support (~> 3.8.0)
    rspec-support (3.8.0)
    rubocop (0.59.1)
      jaro_winkler (~> 1.5.1)
      parallel (~> 1.10)
      parser (>= 2.5, != 2.5.1.1)
      powerpack (~> 0.1)
      rainbow (>= 2.2.2, < 4.0)
      ruby-progressbar (~> 1.7)
      unicode-display_width (~> 1.0, >= 1.0.1)
    ruby-progressbar (1.10.0)
    safe_yaml (1.0.4)
    sys-uname (1.0.3)
      ffi (>= 1.0.0)
    typhoeus (1.3.0)
      ethon (>= 0.9.0)
    unicode-display_width (1.4.0)
    vcr (3.0.3)
    webmock (1.24.6)
      addressable (>= 2.3.6)
      crack (>= 0.3.2)
      hashdiff
    yard (0.9.16)

PLATFORMS
  ruby

DEPENDENCIES
  autotest (~> 4.4, >= 4.4.6)
  autotest-fsevent (~> 0.2, >= 0.2.12)
  autotest-growl (~> 0.2, >= 0.2.16)
  autotest-rails-pure (~> 4.1, >= 4.1.2)
  budgea_client!
  rake (~> 12.0.0)
  rspec (~> 3.6, >= 3.6.0)
  rubocop
  vcr (~> 3.0, >= 3.0.1)
  webmock (~> 1.24, >= 1.24.3)
  yard

BUNDLED WITH
   1.16.2
